PATH
  remote: .
  specs:
    jekyll-post-css-builder (0.0.0)

GEM
  remote: https://rubygems.org/
  specs:
    coderay (1.1.3)
    method_source (1.0.0)
    pry (0.14.1)
      coderay (~> 1.1)
      method_source (~> 1.0)

PLATFORMS
  x86_64-darwin-20

DEPENDENCIES
  jekyll-post-css-builder!
  pry

BUNDLED WITH
   2.2.28
